PATH
  remote: ../..
  specs:
    devup (0.4.3.1)
      dotenv
      dry-cli

GEM
  remote: https://rubygems.org/
  specs:
    concurrent-ruby (1.1.7)
    dotenv (2.7.6)
    dry-cli (0.6.0)
      concurrent-ruby (~> 1.0)

PLATFORMS
  ruby

DEPENDENCIES
  devup!

BUNDLED WITH
   1.17.3
